GEM
  remote: https://rubygems.org/
  specs:
    awesome_print (1.6.1)
    faraday (0.9.1)
      multipart-post (>= 1.2, < 3)
    jazor (0.1.8)
      json
      term-ansicolor
    json (1.8.2)
    logger (1.2.8)
    multipart-post (2.0.0)
    term-ansicolor (1.3.0)
      tins (~> 1.0)
    tins (1.5.1)

PLATFORMS
  ruby

DEPENDENCIES
  awesome_print (~> 1.1)
  faraday (~> 0.9)
  jazor (~> 0.1)
  json (~> 1.8)
  logger (~> 1.2)
